GIT
  remote: https://github.com/Airtable/airtable-ruby.git
  revision: 041a8baf8ae59279630912d6ff329faa64398cb2
  specs:
    airtable (0.1.1)
      activesupport (>= 3.0)
      httparty (~> 0.14.0)

GEM
  remote: https://rubygems.org/
  specs:
    activesupport (5.2.4.4)
      concurrent-ruby (~> 1.0, >= 1.0.2)
      i18n (>= 0.7, < 2)
      minitest (~> 5.1)
      tzinfo (~> 1.1)
    byebug (11.0.1)
    childprocess (3.0.0)
    concurrent-ruby (1.1.8)
    dotenv (2.7.6)
    httparty (0.14.0)
      multi_xml (>= 0.5.2)
    i18n (1.8.7)
      concurrent-ruby (~> 1.0)
    mini_portile2 (2.4.0)
    minitest (5.14.3)
    multi_xml (0.6.0)
    nokogiri (1.10.10)
      mini_portile2 (~> 2.4.0)
    rubyzip (1.3.0)
    selenium-webdriver (3.142.7)
      childprocess (>= 0.5, < 4.0)
      rubyzip (>= 1.2.2)
    thread_safe (0.3.6)
    tzinfo (1.2.9)
      thread_safe (~> 0.1)

PLATFORMS
  universal-darwin-18

DEPENDENCIES
  activesupport
  airtable!
  byebug
  dotenv
  nokogiri
  selenium-webdriver

BUNDLED WITH
   2.2.6
