GEM
  remote: https://rubygems.org/
  specs:
    airtable (0.0.9)
      httparty
    byebug (11.0.1)
    childprocess (3.0.0)
    httparty (0.18.1)
      mime-types (~> 3.0)
      multi_xml (>= 0.5.2)
    mime-types (3.3.1)
      mime-types-data (~> 3.2015)
    mime-types-data (3.2020.1104)
    mini_portile2 (2.4.0)
    multi_xml (0.6.0)
    nokogiri (1.10.10)
      mini_portile2 (~> 2.4.0)
    rubyzip (1.3.0)
    selenium-webdriver (3.142.7)
      childprocess (>= 0.5, < 4.0)
      rubyzip (>= 1.2.2)

PLATFORMS
  universal-darwin-18

DEPENDENCIES
  airtable
  byebug
  nokogiri
  selenium-webdriver

BUNDLED WITH
   2.2.6
